GEM
  remote: https://rubygems.org/
  specs:
    nio4r (2.5.9)
    puma (6.3.1)
      nio4r (~> 2.0)
    rack (2.2.8)
    rack-change-password-url (0.2.0)
      rack (>= 2.2.3.1)

PLATFORMS
  ruby

DEPENDENCIES
  puma
  rack (>= 2.2.6.4, < 3.0.0)
  rack-change-password-url

BUNDLED WITH
   2.3.17
